PATH
  remote: .
  specs:
    html_tokenizer (0.0.7)

GEM
  remote: https://rubygems.org/
  specs:
    minitest (5.22.3)
    rake (13.1.0)
    rake-compiler (1.2.7)
      rake

PLATFORMS
  arm64-darwin-23
  ruby

DEPENDENCIES
  html_tokenizer!
  minitest
  rake
  rake-compiler

BUNDLED WITH
   2.5.6
